GEM
  remote: https://rubygems.org/
  specs:
    rack (1.6.4)
    rack-server-pages (0.0.6)
      rack
    sass (3.4.20)
    slim (3.0.3)
      temple (~> 0.7.3)
      tilt (>= 1.3.3, < 2.1)
    temple (0.7.5)
    tilt (2.0.1)

PLATFORMS
  ruby

DEPENDENCIES
  rack
  rack-server-pages
  sass
  slim

BUNDLED WITH
   1.10.6
